GEM
  remote: https://rubygems.org/
  specs:
    json (1.8.3)
    mail (2.6.3)
      mime-types (>= 1.16, < 3)
    mime-types (2.99)
    postmark (1.7.0)
      json
      rake
    rack (1.6.4)
    rack-protection (1.5.3)
      rack
    rake (10.4.2)
    sinatra (1.4.6)
      rack (~> 1.4)
      rack-protection (~> 1.4)
      tilt (>= 1.3, < 3)
    tilt (1.4.1)

PLATFORMS
  ruby
  x86-mingw32

DEPENDENCIES
  mail
  postmark
  sinatra
  tilt (~> 1.4.1)

BUNDLED WITH
   1.11.2
