GEM
  remote: https://rubygems.org/
  specs:
    json (1.8.1)
    mail (2.6.1)
      mime-types (>= 1.16, < 3)
    mime-types (2.3)
    postmark (1.3.1)
      json
      rake
    rack (1.5.2)
    rake (10.3.2)
    sinatra (1.0)
      rack (>= 1.0)
    tilt (1.4.1)

PLATFORMS
  x86-mingw32

DEPENDENCIES
  mail
  postmark
  sinatra
  tilt (~> 1.4.1)
